GEM
  remote: https://rubygems.org/
  specs:
    addressable (2.3.8)
    daemons (1.2.3)
    eventmachine (1.0.9.1)
    keen (0.9.5)
      addressable (~> 2.3.5)
      multi_json (~> 1.3)
    multi_json (1.11.2)
    rack (1.6.4)
    roda (2.11.0)
      rack
    thin (1.6.4)
      daemons (~> 1.0, >= 1.0.9)
      eventmachine (~> 1.0, >= 1.0.4)
      rack (~> 1.0)
    tilt (2.0.2)

PLATFORMS
  ruby

DEPENDENCIES
  keen (~> 0.9.5)
  roda (~> 2.11)
  thin (~> 1.6, >= 1.6.4)
  tilt (~> 2.0, >= 2.0.2)

BUNDLED WITH
   1.11.2
