GEM
  remote: https://rubygems.org/
  specs:
    addressable (2.3.8)
    cookiejar (0.3.0)
    daemons (1.2.3)
    em-http-request (1.1.3)
      addressable (>= 2.3.4)
      cookiejar (<= 0.3.0)
      em-socksify (>= 0.3)
      eventmachine (>= 1.0.3)
      http_parser.rb (>= 0.6.0)
    em-socksify (0.3.1)
      eventmachine (>= 1.0.0.beta.4)
    eventmachine (1.0.9.1)
    http_parser.rb (0.6.0)
    keen (0.9.5)
      addressable (~> 2.3.5)
      multi_json (~> 1.3)
    multi_json (1.11.2)
    pg (0.18.4)
    rack (1.6.4)
    roda (2.11.0)
      rack
    sequel (4.31.0)
    thin (1.6.4)
      daemons (~> 1.0, >= 1.0.9)
      eventmachine (~> 1.0, >= 1.0.4)
      rack (~> 1.0)
    tilt (2.0.2)

PLATFORMS
  ruby

DEPENDENCIES
  em-http-request (~> 1.1)
  keen (~> 0.9.5)
  pg (~> 0.18.4)
  roda (~> 2.11)
  sequel (~> 4.31)
  thin (~> 1.6, >= 1.6.4)
  tilt (~> 2.0, >= 2.0.2)

BUNDLED WITH
   1.11.2
